GEM
  remote: https://rubygems.org/
  specs:
    asciidoctor (2.0.17)
    rouge (3.28.0)

PLATFORMS
  ruby

DEPENDENCIES
  asciidoctor
  rouge

BUNDLED WITH
   2.1.4
